GEM
  remote: https://rubygems.org/
  specs:
    ast (2.1.0)
    parser (2.2.3.0)
      ast (>= 1.1, < 3.0)

PLATFORMS
  ruby

DEPENDENCIES
  parser

BUNDLED WITH
   1.10.6
