PATH
  remote: .
  specs:
    rbsh (0.1.0)

GEM
  remote: https://rubygems.org/
  specs:

PLATFORMS
  ruby

DEPENDENCIES
  bundler (~> 1.10)
  rbsh!

BUNDLED WITH
   1.10.6
